GEM
  remote: http://rubygems.org/
  specs:
    awesome_print (1.1.0)
    json (1.7.5)
    plist (3.1.0)
    rmagick (2.13.1)

PLATFORMS
  ruby

DEPENDENCIES
  awesome_print (~> 1.1.0)
  json (~> 1.7.5)
  plist (~> 3.1.0)
  rmagick (~> 2.13.1)
